GEM
  remote: http://rubygems.org/
  specs:
    httparty (0.14.0)
      multi_xml (>= 0.5.2)
    json (1.8.1)
    multi_xml (0.6.0)
    rack (1.4.6)
    rack-protection (1.5.3)
      rack
    sinatra (1.4.5)
      rack (~> 1.4)
      rack-protection (~> 1.4)
      tilt (~> 1.3, >= 1.3.4)
    tilt (1.4.1)

PLATFORMS
  ruby

DEPENDENCIES
  httparty
  json
  sinatra

RUBY VERSION
   ruby 2.2.2p95

BUNDLED WITH
   1.13.6
